RESTRICTION: == net471
NUGET
  remote: https://www.nuget.org/api/v2
    FAKE (4.64.13)
    FSharp.Compiler.Service (2.0.0.6)
    FSharp.Core (4.5.2)
    FSharp.Formatting (2.14.4)
      FSharp.Compiler.Service (2.0.0.6)
      FSharpVSPowerTools.Core (>= 2.3 < 2.4)
    FSharpVSPowerTools.Core (2.3)
      FSharp.Compiler.Service (>= 2.0.0.3)
    NUnit (3.10.1)
    NUnit.ConsoleRunner (3.9)
    NUnit.Extension.NUnitProjectLoader (3.6)
    NUnit.Extension.NUnitV2Driver (3.7)
    NUnit.Extension.NUnitV2ResultWriter (3.6)
    NUnit.Extension.TeamCityEventListener (1.0.4)
    NUnit.Extension.VSProjectLoader (3.8)
    NUnit.Runners (3.9)
      NUnit.ConsoleRunner (>= 3.9)
      NUnit.Extension.NUnitProjectLoader (>= 3.5)
      NUnit.Extension.NUnitV2Driver (>= 3.6)
      NUnit.Extension.NUnitV2ResultWriter (>= 3.5)
      NUnit.Extension.TeamCityEventListener (>= 1.0.3)
      NUnit.Extension.VSProjectLoader (>= 3.8)
    Octokit (0.32)
    SourceLink.Fake (1.1)
GITHUB
  remote: fsharp/FAKE
    modules/Octokit/Octokit.fsx (7e6ab7004d39ecf4f83b317c15df9370fb3bddd4)
      Octokit (>= 0.20)